PATH
  remote: .
  specs:
    marnen-moip (1.0.2.pre.39f9dab38fc33fe9bf614deb8e90ca166ab2d6bf)
      activesupport (>= 2.3.2)
      httparty (~> 0.6.1)
      nokogiri (~> 1.5.0)

GEM
  remote: http://rubygems.org/
  specs:
    activesupport (4.1.4)
      i18n (~> 0.6, >= 0.6.9)
      json (~> 1.7, >= 1.7.7)
      minitest (~> 5.1)
      thread_safe (~> 0.1)
      tzinfo (~> 1.1)
    crack (0.1.8)
    diff-lcs (1.2.4)
    httparty (0.6.1)
      crack (= 0.1.8)
    i18n (0.6.11)
    json (1.8.1)
    minitest (5.4.0)
    nokogiri (1.5.11)
    rspec (2.13.0)
      rspec-core (~> 2.13.0)
      rspec-expectations (~> 2.13.0)
      rspec-mocks (~> 2.13.0)
    rspec-core (2.13.1)
    rspec-expectations (2.13.0)
      diff-lcs (>= 1.1.3, < 2.0)
    rspec-mocks (2.13.1)
    thread_safe (0.3.4)
    tzinfo (1.2.1)
      thread_safe (~> 0.1)

PLATFORMS
  ruby

DEPENDENCIES
  marnen-moip!
  rspec (>= 2.1.0)
